GEM
  remote: http://rubygems.org/
  specs:
    actionmailer (2.3.14)
      actionpack (= 2.3.14)
    actionpack (2.3.14)
      activesupport (= 2.3.14)
      rack (~> 1.1.0)
    activerecord (2.3.14)
      activesupport (= 2.3.14)
    activeresource (2.3.14)
      activesupport (= 2.3.14)
    activesupport (2.3.14)
    addressable (2.2.7)
    coderay (1.0.6)
    edavis10-object_daddy (0.4.3)
    fastercsv (1.5.4)
    heroku (2.24.0)
      launchy (>= 0.3.2)
      netrc (~> 0.7.1)
      rest-client (~> 1.6.1)
      rubyzip
    i18n (0.4.2)
    json (1.6.6)
    launchy (2.1.0)
      addressable (~> 2.2.6)
    metaclass (0.0.1)
    mime-types (1.18)
    mocha (0.10.5)
      metaclass (~> 0.0.1)
    mysql (2.8.1)
    mysql2 (0.2.18)
    net-ldap (0.3.1)
    netrc (0.7.1)
    pg (0.13.2)
    rack (1.1.3)
    rails (2.3.14)
      actionmailer (= 2.3.14)
      actionpack (= 2.3.14)
      activerecord (= 2.3.14)
      activeresource (= 2.3.14)
      activesupport (= 2.3.14)
      rake (>= 0.8.3)
    rake (0.9.2.2)
    rdoc (3.12)
      json (~> 1.4)
    rest-client (1.6.7)
      mime-types (>= 1.16)
    rmagick (2.13.1)
    ruby-openid (2.1.8)
    rubyzip (0.9.7)
    shoulda (2.10.3)
    sqlite3 (1.3.5)
    tzinfo (0.3.33)

PLATFORMS
  ruby

DEPENDENCIES
  activerecord-jdbcmysql-adapter
  activerecord-jdbcpostgresql-adapter
  activerecord-jdbcsqlite3-adapter
  coderay (~> 1.0.0)
  edavis10-object_daddy
  fastercsv (~> 1.5.0)
  heroku
  i18n (~> 0.4.2)
  jruby-openssl
  mocha
  mysql
  mysql2 (~> 0.2.7)
  net-ldap (~> 0.3.1)
  pg (>= 0.11.0)
  rails (= 2.3.14)
  rdoc (>= 2.4.2)
  rmagick (>= 2.0.0)
  ruby-openid (~> 2.1.4)
  shoulda (~> 2.10.3)
  sqlite3
  tzinfo (~> 0.3.31)
